GEM
  remote: https://rubygems.org/
  specs:
    backports (3.6.8)
    byebug (9.0.6)
    capistrano (3.4.1)
      i18n
      rake (>= 10.0.0)
      sshkit (~> 1.3)
    capistrano-bower (1.1.0)
      capistrano (~> 3.0)
    capistrano-bundler (1.1.4)
      capistrano (~> 3.1)
      sshkit (~> 1.2)
    capistrano-rvm (0.1.2)
      capistrano (~> 3.0)
      sshkit (~> 1.2)
    coderay (1.1.1)
    diff-lcs (1.2.5)
    docile (1.1.5)
    emk-sinatra-url-for (0.2.1)
      sinatra (>= 0.9.1.1)
    haml (4.0.7)
      tilt
    i18n (0.7.0)
    id3tag (0.8.0)
    json (2.0.2)
    kgio (2.10.0)
    method_source (0.8.2)
    mini_portile2 (2.1.0)
    multi_json (1.12.1)
    net-scp (1.2.1)
      net-ssh (>= 2.6.5)
    net-ssh (3.2.0)
    nokogiri (1.6.8.1)
      mini_portile2 (~> 2.1.0)
    passenger (5.0.30)
      rack
      rake (>= 0.8.1)
    pg (0.19.0)
    power_assert (0.4.1)
    pry (0.10.4)
      coderay (~> 1.1.0)
      method_source (~> 0.8.1)
      slop (~> 3.4)
    rack (1.6.5)
    rack-mobile-detect (0.4.0)
      rack
    rack-protection (1.5.3)
      rack
    rack-test (0.6.3)
      rack (>= 1.0)
    raindrops (0.17.0)
    rake (12.0.0)
    redis (3.3.2)
    rspec (3.5.0)
      rspec-core (~> 3.5.0)
      rspec-expectations (~> 3.5.0)
      rspec-mocks (~> 3.5.0)
    rspec-core (3.5.4)
      rspec-support (~> 3.5.0)
    rspec-expectations (3.5.0)
      diff-lcs (>= 1.2.0, < 2.0)
      rspec-support (~> 3.5.0)
    rspec-mocks (3.5.0)
      diff-lcs (>= 1.2.0, < 2.0)
      rspec-support (~> 3.5.0)
    rspec-support (3.5.0)
    sequel (4.41.0)
    sequel_pg (1.6.17)
      pg (>= 0.8.0)
      sequel (>= 4.0.0)
    simplecov (0.12.0)
      docile (~> 1.1.0)
      json (>= 1.8, < 3)
      simplecov-html (~> 0.10.0)
    simplecov-badge (2.0.2)
    simplecov-html (0.10.0)
    sinatra (1.4.7)
      rack (~> 1.5)
      rack-protection (~> 1.4)
      tilt (>= 1.3, < 3)
    sinatra-contrib (1.4.7)
      backports (>= 2.0)
      multi_json
      rack-protection
      rack-test
      sinatra (~> 1.4.0)
      tilt (>= 1.3, < 3)
    sinatra-presence (0.0.3)
      sinatra (~> 1.3)
    sinatra-respond_to (0.9.0)
      sinatra (~> 1.3)
    slop (3.6.0)
    sshkit (1.11.4)
      net-scp (>= 1.1.2)
      net-ssh (>= 2.8.0)
    test-unit (3.2.3)
      power_assert
    tilt (2.0.5)
    unicorn (5.2.0)
      kgio (~> 2.6)
      raindrops (~> 0.7)
    wikipedia-client (1.6.3)

PLATFORMS
  ruby

DEPENDENCIES
  byebug
  capistrano (~> 3.4.0)
  capistrano-bower
  capistrano-bundler (~> 1.1.2)
  capistrano-rvm
  emk-sinatra-url-for
  haml
  id3tag
  nokogiri
  passenger
  pg
  pry
  rack-mobile-detect
  rake
  redis
  rspec
  sequel
  sequel_pg
  simplecov
  simplecov-badge
  sinatra
  sinatra-contrib
  sinatra-presence (~> 0.0.3)
  sinatra-respond_to
  test-unit
  unicorn
  wikipedia-client

BUNDLED WITH
   1.12.5
