GIT
  remote: git@github.com:matthew342/simplecov-badge.git
  revision: 23ebef1979912fb3955cb0c00f3c48ec7584cc4b
  branch: master
  specs:
    simplecov-badge (2.0.3)

GEM
  remote: https://rubygems.org/
  specs:
    backports (3.18.2)
    byebug (11.1.3)
    capistrano (3.4.1)
      i18n
      rake (>= 10.0.0)
      sshkit (~> 1.3)
    capistrano-bower (1.1.0)
      capistrano (~> 3.0)
    capistrano-bundler (1.1.4)
      capistrano (~> 3.1)
      sshkit (~> 1.2)
    capistrano-rvm (0.1.2)
      capistrano (~> 3.0)
      sshkit (~> 1.2)
    coderay (1.1.3)
    concurrent-ruby (1.1.7)
    diff-lcs (1.4.4)
    docile (1.3.2)
    emk-sinatra-url-for (0.2.1)
      sinatra (>= 0.9.1.1)
    haml (5.2.0)
      temple (>= 0.8.0)
      tilt
    i18n (1.8.5)
      concurrent-ruby (~> 1.0)
    id3tag (0.14.0)
    kgio (2.11.3)
    method_source (1.0.0)
    mini_portile2 (2.4.0)
    multi_json (1.15.0)
    net-scp (3.0.0)
      net-ssh (>= 2.6.5, < 7.0.0)
    net-ssh (6.1.0)
    nokogiri (1.10.10)
      mini_portile2 (~> 2.4.0)
    passenger (6.0.6)
      rack
      rake (>= 0.8.1)
    pg (1.2.3)
    power_assert (1.2.0)
    pry (0.13.1)
      coderay (~> 1.1)
      method_source (~> 1.0)
    rack (1.6.13)
    rack-mobile-detect (0.4.0)
      rack
    rack-protection (1.5.5)
      rack
    rack-test (1.1.0)
      rack (>= 1.0, < 3)
    raindrops (0.19.1)
    rake (13.0.1)
    redis (4.2.2)
    rspec (3.10.0)
      rspec-core (~> 3.10.0)
      rspec-expectations (~> 3.10.0)
      rspec-mocks (~> 3.10.0)
    rspec-core (3.10.0)
      rspec-support (~> 3.10.0)
    rspec-expectations (3.10.0)
      diff-lcs (>= 1.2.0, < 2.0)
      rspec-support (~> 3.10.0)
    rspec-mocks (3.10.0)
      diff-lcs (>= 1.2.0, < 2.0)
      rspec-support (~> 3.10.0)
    rspec-support (3.10.0)
    sequel (5.38.0)
    sequel_pg (1.14.0)
      pg (>= 0.18.0, != 1.2.0)
      sequel (>= 4.38.0)
    simplecov (0.19.1)
      docile (~> 1.1)
      simplecov-html (~> 0.11)
    simplecov-html (0.12.3)
    sinatra (1.4.8)
      rack (~> 1.5)
      rack-protection (~> 1.4)
      tilt (>= 1.3, < 3)
    sinatra-contrib (1.4.7)
      backports (>= 2.0)
      multi_json
      rack-protection
      rack-test
      sinatra (~> 1.4.0)
      tilt (>= 1.3, < 3)
    sinatra-presence (0.0.3)
      sinatra (~> 1.3)
    sinatra-respond_to (0.9.0)
      sinatra (~> 1.3)
    sshkit (1.21.0)
      net-scp (>= 1.1.2)
      net-ssh (>= 2.8.0)
    temple (0.8.2)
    test-unit (3.3.6)
      power_assert
    tilt (2.0.10)
    unicorn (5.7.0)
      kgio (~> 2.6)
      raindrops (~> 0.7)
    wikipedia-client (1.10.0)

PLATFORMS
  ruby

DEPENDENCIES
  byebug
  capistrano (~> 3.4.0)
  capistrano-bower
  capistrano-bundler (~> 1.1.2)
  capistrano-rvm
  emk-sinatra-url-for
  haml
  id3tag
  nokogiri
  passenger
  pg
  pry
  rack-mobile-detect
  rake
  redis
  rspec
  sequel
  sequel_pg
  simplecov
  simplecov-badge!
  sinatra
  sinatra-contrib
  sinatra-presence (~> 0.0.3)
  sinatra-respond_to
  test-unit
  unicorn
  wikipedia-client

RUBY VERSION
   ruby 2.6.5p114

BUNDLED WITH
   1.17.3
