GEM
  remote: https://rubygems.org/
  specs:
    addressable (2.8.0)
      public_suffix (>= 2.0.2, < 5.0)
    airbrussh (1.4.0)
      sshkit (>= 1.6.1, != 1.7.0)
    bcrypt (3.1.16)
    byebug (11.1.3)
    capistrano (3.16.0)
      airbrussh (>= 1.0.0)
      i18n
      rake (>= 10.0.0)
      sshkit (>= 1.9.0)
    capistrano-bower (1.1.0)
      capistrano (~> 3.0)
    capistrano-bundler (2.0.1)
      capistrano (~> 3.1)
    capistrano-rvm (0.1.2)
      capistrano (~> 3.0)
      sshkit (~> 1.2)
    coderay (1.1.3)
    concurrent-ruby (1.1.9)
    diff-lcs (1.5.0)
    docile (1.4.0)
    emk-sinatra-url-for (0.2.1)
      sinatra (>= 0.9.1.1)
    haml (5.2.2)
      temple (>= 0.8.0)
      tilt
    i18n (1.10.0)
      concurrent-ruby (~> 1.0)
    id3tag (0.14.2)
    jwt (2.3.0)
    kgio (2.11.4)
    method_source (1.0.0)
    multi_json (1.15.0)
    mustermann (1.1.1)
      ruby2_keywords (~> 0.0.1)
    net-scp (3.0.0)
      net-ssh (>= 2.6.5, < 7.0.0)
    net-ssh (6.1.0)
    nokogiri (1.13.3-x86_64-linux)
      racc (~> 1.4)
    passenger (6.0.12)
      rack
      rake (>= 0.8.1)
    pg (1.3.3)
    power_assert (2.0.1)
    pry (0.14.1)
      coderay (~> 1.1)
      method_source (~> 1.0)
    public_suffix (4.0.6)
    racc (1.6.0)
    rack (2.2.3)
    rack-mobile-detect (0.4.0)
      rack
    rack-protection (2.2.0)
      rack
    raindrops (0.20.0)
    rake (13.0.6)
    redis (4.6.0)
    rspec (3.11.0)
      rspec-core (~> 3.11.0)
      rspec-expectations (~> 3.11.0)
      rspec-mocks (~> 3.11.0)
    rspec-core (3.11.0)
      rspec-support (~> 3.11.0)
    rspec-expectations (3.11.0)
      diff-lcs (>= 1.2.0, < 2.0)
      rspec-support (~> 3.11.0)
    rspec-mocks (3.11.0)
      diff-lcs (>= 1.2.0, < 2.0)
      rspec-support (~> 3.11.0)
    rspec-support (3.11.0)
    ruby2_keywords (0.0.5)
    sequel (5.53.0)
    sequel_pg (1.14.0)
      pg (>= 0.18.0, != 1.2.0)
      sequel (>= 4.38.0)
    simplecov (0.21.2)
      docile (~> 1.1)
      simplecov-html (~> 0.11)
      simplecov_json_formatter (~> 0.1)
    simplecov-html (0.12.3)
    simplecov_json_formatter (0.1.4)
    sinatra (2.2.0)
      mustermann (~> 1.0)
      rack (~> 2.2)
      rack-protection (= 2.2.0)
      tilt (~> 2.0)
    sinatra-contrib (2.2.0)
      multi_json
      mustermann (~> 1.0)
      rack-protection (= 2.2.0)
      sinatra (= 2.2.0)
      tilt (~> 2.0)
    sinatra-presence (0.0.4)
      sinatra
    sshkit (1.21.2)
      net-scp (>= 1.1.2)
      net-ssh (>= 2.8.0)
    temple (0.8.2)
    test-unit (3.5.3)
      power_assert
    tilt (2.0.10)
    unicorn (6.1.0)
      kgio (~> 2.6)
      raindrops (~> 0.7)
    wikipedia-client (1.16.0)
      addressable (~> 2.7)

PLATFORMS
  x86_64-linux

DEPENDENCIES
  bcrypt
  byebug
  capistrano
  capistrano-bower
  capistrano-bundler
  capistrano-rvm
  emk-sinatra-url-for
  haml
  id3tag
  jwt
  nokogiri
  passenger
  pg
  pry
  rack-mobile-detect
  rake
  redis
  rspec
  sequel
  sequel_pg
  simplecov
  sinatra
  sinatra-contrib
  sinatra-presence (>= 0.0.4)
  test-unit
  unicorn
  wikipedia-client

RUBY VERSION
   ruby 2.6.5p114

BUNDLED WITH
   2.3.8
