GEM
  remote: https://rubygems.org/
  specs:
    byebug (3.1.2)
      columnize (~> 0.8)
      debugger-linecache (~> 1.2)
    capistrano (3.2.1)
      i18n
      rake (>= 10.0.0)
      sshkit (~> 1.3)
    capistrano-bundler (1.1.2)
      capistrano (~> 3.0)
      sshkit (~> 1.2)
    colorize (0.7.3)
    columnize (0.8.9)
    daemon_controller (1.2.0)
    debugger-linecache (1.2.0)
    emk-sinatra-url-for (0.2.1)
      sinatra (>= 0.9.1.1)
    haml (4.0.5)
      tilt
    i18n (0.6.9)
    id3tag (0.7.0)
    kgio (2.9.2)
    mysql2 (0.3.16)
    net-scp (1.2.1)
      net-ssh (>= 2.6.5)
    net-ssh (2.9.1)
    passenger (4.0.44)
      daemon_controller (>= 1.2.0)
      rack
      rake (>= 0.8.1)
    rack (1.5.2)
    rack-mobile-detect (0.4.0)
      rack
    rack-protection (1.5.3)
      rack
    raindrops (0.13.0)
    rake (10.3.2)
    redis (3.1.0)
    sequel (4.11.0)
    shotgun (0.9)
      rack (>= 1.0)
    sinatra (1.4.5)
      rack (~> 1.4)
      rack-protection (~> 1.4)
      tilt (~> 1.3, >= 1.3.4)
    sinatra-respond_to (0.9.0)
      sinatra (~> 1.3)
    sshkit (1.5.1)
      colorize
      net-scp (>= 1.1.2)
      net-ssh (>= 2.8.0)
    tilt (1.4.1)
    unicorn (4.8.3)
      kgio (~> 2.6)
      rack
      raindrops (~> 0.7)

PLATFORMS
  ruby

DEPENDENCIES
  byebug
  capistrano (~> 3.2.0)
  capistrano-bundler (~> 1.1.2)
  emk-sinatra-url-for
  haml
  id3tag
  mysql2
  passenger
  rack-mobile-detect
  rake
  redis
  sequel
  shotgun
  sinatra
  sinatra-respond_to
  unicorn
